GEM
  remote: https://rubygems.org/
  specs:
    benchmark-ips (2.1.1)
    rake (10.4.2)

PLATFORMS
  ruby

DEPENDENCIES
  benchmark-ips (>= 2.0)
  rake
